RESTRICTION: == netstandard2.0
NUGET
  remote: https://api.nuget.org/v3/index.json
    Fable.Browser.Blob (1.1)
      Fable.Core (>= 3.0)
      FSharp.Core (>= 4.6.2)
    Fable.Browser.Dom (1.1)
      Fable.Browser.Blob (>= 1.1)
      Fable.Browser.Event (>= 1.0)
      Fable.Browser.WebStorage (>= 1.0)
      Fable.Core (>= 3.0)
      FSharp.Core (>= 4.6.2)
    Fable.Browser.Event (1.0)
      Fable.Core (>= 3.0)
      FSharp.Core (>= 4.5.2)
    Fable.Browser.WebStorage (1.0)
      Fable.Browser.Event (>= 1.0)
      Fable.Core (>= 3.0)
      FSharp.Core (>= 4.5.2)
    Fable.Core (3.1.3)
      FSharp.Core (>= 4.7)
    Fable.Elmish (3.0.6)
      Fable.Core (>= 3.0)
      FSharp.Core (>= 4.6.2)
    Fable.Elmish.Browser (3.0.2)
      Fable.Browser.Dom (>= 1.0)
      Fable.Core (>= 3.0)
      Fable.Elmish (>= 3.0)
      FSharp.Core (>= 4.6.2)
    Fable.Elmish.Debugger (3.0.3)
      Fable.Core (>= 3.0)
      Fable.Elmish (>= 3.0)
      FSharp.Core (>= 4.6.2)
      Thoth.Json (>= 3.0)
    Fable.Elmish.React (3.0.1)
      Fable.Core (>= 3.0)
      Fable.Elmish (>= 3.0)
      Fable.React (>= 5.1)
      FSharp.Core (>= 4.6.2)
    Fable.React (5.3.5)
      Fable.Browser.Dom (>= 1.0)
      Fable.Core (>= 3.0)
      FSharp.Core (>= 4.7)
    FSharp.Compiler.Tools (10.2.3)
    FSharp.Core (4.7)
    FSharp.NET.Sdk (1.0.5)
      FSharp.Compiler.Tools (>= 4.1.17)
    Thoth.Json (3.4.1)
      Fable.Core (>= 3.0)
      FSharp.Core (>= 4.6.2)
